GEM
  remote: https://rubygems.org/
  specs:
    actioncable (7.1.0)
    actionmailbox (7.1.0)
    actionmailer (7.1.0)
    actionpack (7.1.0)
    actiontext (7.1.0)
    actionview (7.1.0)
    activejob (7.1.0)
    activemodel (7.1.0)
    activerecord (7.1.0)
    activestorage (7.1.0)
    activesupport (7.1.0)
    bootsnap (1.17.0)
    byebug (11.1.3)
    database_cleaner-active_record (2.1.0)
    dotenv-rails (2.8.1)
    factory_bot_rails (6.4.2)
    faker (3.2.2)
    importmap-rails (1.2.3)
    jbuilder (2.11.5)
    kaminari (1.2.2)
    lograge (0.13.0)
    mail (2.8.1)
    pg (1.5.4)
    puma (6.4.0)
    rack-mini-profiler (2.3.4)
    rails (7.1.0)
    redis (5.0.8)
    rspec-rails (6.1.0)
    rubocop (1.57.2)
    rubocop-rails (2.22.2)
    rubocop-rspec (2.25.0)
    sassc-rails (2.1.2)
    shoulda-matchers (5.3.0)
    sidekiq (7.2.0)
    sidekiq-cron (1.12.0)
    sprockets-rails (3.4.2)
    stimulus-rails (1.3.0)
    turbo-rails (1.5.0)
    tzinfo-data (1.2023.3)
    web-console (4.2.1)

PLATFORMS
  ruby

DEPENDENCIES
  bootsnap
  byebug
  database_cleaner-active_record (~> 2.1)
  dotenv-rails (~> 2.8)
  factory_bot_rails (~> 6.4)
  faker (~> 3.2)
  importmap-rails
  jbuilder
  kaminari (~> 1.2)
  lograge (~> 0.13)
  mail (~> 2.8)
  pg (~> 1.1)
  puma (>= 5.0)
  rack-mini-profiler (~> 2.0)
  rails (~> 7.1.0)
  redis (>= 4.0.1)
  rspec-rails (~> 6.0)
  rubocop (~> 1.50)
  rubocop-rails (~> 2.20)
  rubocop-rspec (~> 2.20)
  sassc-rails
  shoulda-matchers (~> 5.3)
  sidekiq (~> 7.0)
  sidekiq-cron (~> 1.10)
  sprockets-rails (>= 3.4.0)
  stimulus-rails
  turbo-rails
  tzinfo-data
  web-console (>= 4.1.0)

RUBY VERSION
   ruby 3.2.9p1

BUNDLED WITH
   2.4.22
